GIT
  remote: git://github.com/decklin/sensu-plugin.git
  revision: 16d49c0269248af584f4da4fca1d98bcc920c696
  specs:
    sensu-plugin (0.1.4)
      json
      mixlib-cli (>= 1.1.0)

GEM
  remote: http://rubygems.org/
  specs:
    amq-client (0.9.11)
      amq-protocol (>= 1.0.1)
      eventmachine
    amq-protocol (1.2.0)
    amqp (0.9.8)
      amq-client (~> 0.9.5)
      amq-protocol (>= 0.9.4)
      eventmachine
    async_sinatra (1.0.0)
      rack (>= 1.4.1)
      sinatra (>= 1.3.2)
    cabin (0.4.4)
      json
    daemons (1.1.9)
    em-redis-unified (0.4.1)
      eventmachine (>= 0.12.10)
    eventmachine (1.0.0)
    json (1.7.7)
    mixlib-cli (1.3.0)
    rack (1.5.2)
    rack-protection (1.4.0)
      rack
    sensu (0.9.11)
      amq-client (= 0.9.11)
      amqp (= 0.9.8)
      async_sinatra (= 1.0.0)
      cabin (= 0.4.4)
      em-redis-unified (= 0.4.1)
      eventmachine (= 1.0.0)
      json
      thin (= 1.5.0)
    sinatra (1.3.5)
      rack (~> 1.4)
      rack-protection (~> 1.3)
      tilt (~> 1.3, >= 1.3.3)
    thin (1.5.0)
      daemons (>= 1.0.9)
      eventmachine (>= 0.12.6)
      rack (>= 1.0.0)
    tilt (1.3.5)

PLATFORMS
  ruby

DEPENDENCIES
  sensu
  sensu-plugin!
